GEM
  remote: http://rubygems.org/
  specs:
    dnote (1.7.1)
    json (1.8.3)
    mini_portile (0.6.2)
    mini_portile2 (2.0.0)
    minitest (5.8.3)
    minitest-rg (5.2.0)
      minitest (~> 5.0)
    nokogiri (1.6.7.1)
      mini_portile2 (~> 2.0.0.rc2)
    nokogiri (1.6.7.1-x64-mingw32)
      mini_portile2 (~> 2.0.0.rc2)
    nokogiri (1.6.7.1-x86-mingw32)
      mini_portile2 (~> 2.0.0.rc2)
    ocra (1.3.6)
    psych (2.0.17)
    rake (10.4.2)
    ruby-progressbar (1.7.5)
    rubyzip (1.1.7)
    thor (0.19.1)
    version_info (1.9.0)

PLATFORMS
  ruby
  x64-mingw32
  x86-mingw32

DEPENDENCIES
  dnote
  json
  mini_portile
  minitest
  minitest-rg
  nokogiri (>= 1.6.3.1)
  ocra (= 1.3.6)
  psych
  rake
  ruby-progressbar
  rubyzip (>= 1.0.0)
  thor
  version_info

BUNDLED WITH
   1.11.2
